GIT
  remote: git@github.com:chain-engineering/btcruby.git
  revision: d3da20bf9e8fac938e7e956a502f397bd1fddc5f
  specs:
    btcruby (0.1.0)
      ffi (~> 1.9, >= 1.9.3)

PATH
  remote: .
  specs:
    chain-ruby (0.2.6pre)
      chain-bitcoin-ruby (= 0.0.1)

GEM
  remote: https://rubygems.org/
  specs:
    byebug (3.4.0)
      columnize (~> 0.8)
      debugger-linecache (~> 1.2)
      slop (~> 3.6)
    chain-bitcoin-ruby (0.0.1)
    columnize (0.8.9)
    debugger-linecache (1.2.0)
    diff-lcs (1.2.5)
    ffi (1.9.6)
    rake (10.3.2)
    rspec (3.1.0)
      rspec-core (~> 3.1.0)
      rspec-expectations (~> 3.1.0)
      rspec-mocks (~> 3.1.0)
    rspec-core (3.1.7)
      rspec-support (~> 3.1.0)
    rspec-expectations (3.1.2)
      diff-lcs (>= 1.2.0, < 2.0)
      rspec-support (~> 3.1.0)
    rspec-mocks (3.1.3)
      rspec-support (~> 3.1.0)
    rspec-support (3.1.2)
    slop (3.6.0)

PLATFORMS
  ruby

DEPENDENCIES
  btcruby!
  byebug (= 3.4.0)
  chain-ruby!
  ffi
  rake
  rspec (= 3.1.0)
